{
	"Modality": "MR",
	"MagneticFieldStrength": 6.98,
	"ImagingFrequency": 297.182,
	"Manufacturer": "Siemens",
	"ManufacturersModelName": "Investigational_Device_7T",
	"InstitutionName": "NeuroSpin",
	"InstitutionalDepartmentName": "Department",
	"InstitutionAddress": "RD306 -,SACLAY,-,FR,91400",
	"DeviceSerialNumber": "18917",
	"StationName": "MEDPC",
	"PatientPosition": "HFS",
	"ProcedureStepDescription": "Recherche_RJ^STARCvsSoS",
	"SoftwareVersions": "syngo MR B17",
	"MRAcquisitionType": "3D",
	"SeriesDescription": "ep3d_AP_E00_M",
	"ProtocolName": "ep3d_AP",
	"ScanningSequence": "EP",
	"SequenceVariant": "SK\\SP",
	"ScanOptions": "PFP",
	"SequenceName": "B.Poser&M.Barth",
	"ImageType": ["ORIGINAL", "PRIMARY", "M", "ND", "ECHO", "00", "COMBINED", "MOSAIC"],
	"SeriesNumber": 11,
	"AcquisitionTime": "15:58:59.617500",
	"AcquisitionNumber": 1,
	"ImageComments": "E00_Com",
	"SliceThickness": 1.6,
	"SpacingBetweenSlices": 1.6,
	"EchoTime": 0.022,
	"RepetitionTime": 0.055,
	"FlipAngle": 90,
	"PartialFourier": 0.875,
	"BaseResolution": 130,
	"ShimSetting": [
		-59,
		-77,
		496,
		1182,
		43,
		-37,
		-228,
		123	],
	"TxRefAmp": 111,
	"PhaseResolution": 1,
	"ReceiveCoilName": "8Tx32Rx_Head_7T",
	"CoilString": "C:AC",
	"PulseSequenceDetails": "%CustomerSeq%\\BP_ep3d_bold_multiecho_pTX",
	"RefLinesPE": 24,
	"PercentPhaseFOV": 100,
	"PercentSampling": 100,
	"PhaseEncodingSteps": 114,
	"AcquisitionMatrixPE": 130,
	"ReconMatrixPE": 130,
	"BandwidthPerPixelPhaseEncode": 24.42,
	"ParallelReductionFactorInPlane": 8,
	"EffectiveEchoSpacing": 0.000315,
	"DerivedVendorReportedEchoSpacing": 0.00252,
	"TotalReadoutTime": 0.040635,
	"PixelBandwidth": 1832,
	"DwellTime": 2.1e-06,
	"ImageOrientationPatientDICOM": [
		0,
		1,
		0,
		0,
		0,
		-1	],
	"InPlanePhaseEncodingDirectionDICOM": "ROW",
	"ConversionSoftware": "dcm2niix",
	"ConversionSoftwareVersion": "v1.0.20201102"
}
