{
	"Modality": "MR",
	"MagneticFieldStrength": 6.98,
	"ImagingFrequency": 297.182,
	"Manufacturer": "Siemens",
	"ManufacturersModelName": "Investigational_Device_7T",
	"InstitutionName": "NeuroSpin",
	"InstitutionalDepartmentName": "Department",
	"InstitutionAddress": "RD306 -,SACLAY,-,FR,91400",
	"DeviceSerialNumber": "18917",
	"StationName": "MEDPC",
	"PatientPosition": "HFS",
	"ProcedureStepDescription": "Recherche_RJ^STARCvsSoS",
	"SoftwareVersions": "syngo MR B17",
	"MRAcquisitionType": "3D",
	"SeriesDescription": "NS_MPRAGE_UP_0.8mmIso_p2_UP",
	"ProtocolName": "NS_MPRAGE_UP_0.8mmIso_p2_UP",
	"ScanningSequence": "RM\\IR",
	"SequenceVariant": "SP\\MP",
	"ScanOptions": "IR",
	"SequenceName": "tfl_UP3d1",
	"ImageType": ["ORIGINAL", "PRIMARY", "M", "ND"],
	"SeriesNumber": 8,
	"AcquisitionTime": "15:41:14.157500",
	"AcquisitionNumber": 1,
	"SliceThickness": 0.8,
	"EchoTime": 0.00344,
	"RepetitionTime": 2.6,
	"InversionTime": 1.1,
	"FlipAngle": 4,
	"PartialFourier": 1,
	"BaseResolution": 320,
	"ShimSetting": [
		-59,
		-77,
		496,
		1182,
		43,
		-37,
		-228,
		123	],
	"TxRefAmp": 111,
	"PhaseResolution": 1,
	"VendorReportedEchoSpacing": 0.00826,
	"ReceiveCoilName": "8Tx32Rx_Head_7T",
	"CoilString": "C:AC",
	"PulseSequenceDetails": "%CustomerSeq%\\NS_MPRAGE_7TpTx_Universal-kTpoints_NOVA-8Tx-32Rx",
	"RefLinesPE": 24,
	"PercentPhaseFOV": 87.5,
	"PercentSampling": 100,
	"PhaseEncodingSteps": 280,
	"AcquisitionMatrixPE": 280,
	"ReconMatrixPE": 280,
	"ParallelReductionFactorInPlane": 2,
	"PixelBandwidth": 240,
	"DwellTime": 6.5e-06,
	"ImageOrientationPatientDICOM": [
		0,
		1,
		0,
		0,
		0,
		-1	],
	"InPlanePhaseEncodingDirectionDICOM": "ROW",
	"ConversionSoftware": "dcm2niix",
	"ConversionSoftwareVersion": "v1.0.20201102"
}
